GEM
  remote: https://trunk:whydobirdssuddenlyappear@gems.trunkplatform.com.au/
  specs:
    rake (10.4.2)
    redis (3.3.1)

PLATFORMS
  ruby

DEPENDENCIES
  rake
  redis

BUNDLED WITH
   1.12.5
